GIT
  remote: git://github.com/polar/swiftiply.git
  revision: 96b47a514bac7eb85c69d7449296304c6d3179f6
  specs:
    swiftiply (0.6.4)
      eventmachine (>= 0.8.1)

GEM
  remote: https://rubygems.org/
  specs:
    activemodel (3.2.13)
      activesupport (= 3.2.13)
      builder (~> 3.0.0)
    activesupport (3.2.13)
      i18n (= 0.6.1)
      multi_json (~> 1.0)
    bson (1.8.5)
    bson_ext (1.8.5)
      bson (~> 1.8.5)
    builder (3.0.4)
    eventmachine (1.0.3)
    i18n (0.6.1)
    mongo (1.8.5)
      bson (~> 1.8.5)
    mongo_mapper (0.12.0)
      activemodel (~> 3.0)
      activesupport (~> 3.0)
      plucky (~> 0.5.2)
    multi_json (1.7.3)
    plucky (0.5.2)
      mongo (~> 1.5)

PLATFORMS
  ruby

DEPENDENCIES
  bson_ext
  mongo_mapper
  swiftiply!
