GIT
  remote: git://github.com/polar/delayed_job
  revision: d866b881f82047ed1d36934adeded9eee7ea8353
  specs:
    delayed_job (3.0.3)
      activesupport (~> 3.0)

GIT
  remote: git://github.com/polar/delayed_job_mongo_mapper.git
  revision: ecddebc029e6142fa19a29a72b3af39f0c1f9dfc
  specs:
    delayed_job_mongo_mapper (1.1.0)
      delayed_job (~> 3.0.1)
      mongo_mapper (>= 0.11)

GIT
  remote: git://github.com/polar/swiftiply.git
  revision: 7b2f751f5cf2d68f1657c5dcb101b5bb7f5627a4
  specs:
    swiftiply (0.7.0.pre)
      eventmachine (>= 0.8.1)

GEM
  remote: https://rubygems.org/
  specs:
    activemodel (3.2.11)
      activesupport (= 3.2.11)
      builder (~> 3.0.0)
    activesupport (3.2.11)
      i18n (~> 0.6)
      multi_json (~> 1.0)
    bson (1.9.1)
    bson_ext (1.9.1)
      bson (~> 1.9.1)
    builder (3.0.4)
    carrierwave (0.9.0)
      activemodel (>= 3.2.0)
      activesupport (>= 3.2.0)
      json (>= 1.7)
    daemons (1.1.9)
    eventmachine (1.0.3)
    fattr (2.2.1)
    i18n (0.6.5)
    json (1.8.0)
    mm-carrierwave (0.0.2)
      carrierwave (~> 0.5)
      mongo_mapper (~> 0.9)
    mongo (1.9.1)
      bson (~> 1.9.1)
    mongo_mapper (0.12.0)
      activemodel (~> 3.0)
      activesupport (~> 3.0)
      plucky (~> 0.5.2)
    multi_json (1.7.9)
    plucky (0.5.2)
      mongo (~> 1.5)
    rush (0.6.8)
      session
    session (3.1.0)
      fattr

PLATFORMS
  ruby

DEPENDENCIES
  activemodel (= 3.2.11)
  bson_ext
  carrierwave
  daemons
  delayed_job!
  delayed_job_mongo_mapper!
  mm-carrierwave (~> 0.0.2)
  mongo_mapper (= 0.12.0)
  rush
  swiftiply!
